PATH
  remote: .
  specs:
    bitjwt (0.0.3)
      bitcoin-ruby (= 0.0.8)
      excon (~> 0.49)
      ffi (~> 1.9)

GEM
  remote: https://rubygems.org/
  specs:
    addressable (2.4.0)
    bitcoin-ruby (0.0.8)
    crack (0.4.3)
      safe_yaml (~> 1.0.0)
    diff-lcs (1.2.5)
    excon (0.49.0)
    ffi (1.9.10)
    hashdiff (0.3.0)
    rspec (3.4.0)
      rspec-core (~> 3.4.0)
      rspec-expectations (~> 3.4.0)
      rspec-mocks (~> 3.4.0)
    rspec-core (3.4.4)
      rspec-support (~> 3.4.0)
    rspec-expectations (3.4.0)
      diff-lcs (>= 1.2.0, < 2.0)
      rspec-support (~> 3.4.0)
    rspec-mocks (3.4.1)
      diff-lcs (>= 1.2.0, < 2.0)
      rspec-support (~> 3.4.0)
    rspec-support (3.4.1)
    safe_yaml (1.0.4)
    webmock (2.1.0)
      addressable (>= 2.3.6)
      crack (>= 0.3.2)
      hashdiff

PLATFORMS
  ruby

DEPENDENCIES
  bitjwt!
  rspec (~> 3.4)
  rspec-mocks (~> 3.4)
  webmock (~> 2.1)

BUNDLED WITH
   1.12.5
